GIT
  remote: https://github.com/openownership/register-common.git
  revision: fc24c1ddac24515bb33429d7c8d7980d594891a0
  specs:
    register_common (0.1.0)
      activesupport (>= 6, < 8)
      aws-sdk-athena
      aws-sdk-firehose
      aws-sdk-kinesis
      aws-sdk-s3
      dotenv
      faraday (>= 1, < 2)
      faraday_middleware (>= 1, < 2)
      net-http-persistent
      nokogiri
      redis (>= 3)
      rubyzip (>= 2, < 3)
      xxhash

GIT
  remote: https://github.com/openownership/register-sources-bods.git
  revision: 63d7be55a23d86cd03896f78d72b9393a47487ec
  specs:
    register_sources_bods (0.1.0)
      activesupport (>= 6, < 8)
      countries (~> 4.0.1)
      dry-struct (>= 1, < 2)
      dry-types (>= 1, < 2)
      elasticsearch (>= 7.10, < 8)
      iso8601
      xxhash

GIT
  remote: https://github.com/openownership/register-sources-oc.git
  revision: 5122dae625b36ad1813f8db539dcd44bd4424c87
  specs:
    register_sources_oc (0.1.0)
      activesupport (>= 6, < 8)
      countries (>= 4, < 5)
      dotenv
      dry-struct (>= 1, < 2)
      dry-types (>= 1, < 2)
      elasticsearch (>= 7.10, < 8)
      faraday (>= 1, < 2)
      faraday_middleware (>= 1, < 2)
      geokit (>= 1, < 2)
      iso8601
      net-http-persistent
      rexml

GIT
  remote: https://github.com/openownership/register-sources-psc.git
  revision: 9fc14f30aa16da9382626dcf75a1ca3ee72d7c41
  specs:
    register_sources_psc (0.1.0)
      activesupport (>= 6, < 8)
      countries (~> 4.0.1)
      dry-struct (>= 1, < 2)
      dry-types (>= 1, < 2)
      elasticsearch (>= 7.10, < 8)
      iso8601
      xxhash

PATH
  remote: .
  specs:
    register_transformer_psc (0.1.0)
      activesupport (>= 6, < 8)
      countries (~> 4.0.1)
      dry-struct (>= 1, < 2)
      dry-types (>= 1, < 2)
      elasticsearch (>= 7.10, < 8)
      iso8601
      xxhash

GEM
  remote: https://rubygems.org/
  specs:
    activesupport (7.0.7.2)
      concurrent-ruby (~> 1.0, >= 1.0.2)
      i18n (>= 1.6, < 2)
      minitest (>= 5.1)
      tzinfo (~> 2.0)
    addressable (2.8.4)
      public_suffix (>= 2.0.2, < 6.0)
    ast (2.4.2)
    aws-eventstream (1.2.0)
    aws-partitions (1.804.0)
    aws-sdk-athena (1.74.0)
      aws-sdk-core (~> 3, >= 3.177.0)
      aws-sigv4 (~> 1.1)
    aws-sdk-core (3.180.3)
      aws-eventstream (~> 1, >= 1.0.2)
      aws-partitions (~> 1, >= 1.651.0)
      aws-sigv4 (~> 1.5)
      jmespath (~> 1, >= 1.6.1)
    aws-sdk-firehose (1.56.0)
      aws-sdk-core (~> 3, >= 3.177.0)
      aws-sigv4 (~> 1.1)
    aws-sdk-kinesis (1.50.0)
      aws-sdk-core (~> 3, >= 3.177.0)
      aws-sigv4 (~> 1.1)
    aws-sdk-kms (1.71.0)
      aws-sdk-core (~> 3, >= 3.177.0)
      aws-sigv4 (~> 1.1)
    aws-sdk-s3 (1.132.1)
      aws-sdk-core (~> 3, >= 3.179.0)
      aws-sdk-kms (~> 1)
      aws-sigv4 (~> 1.6)
    aws-sigv4 (1.6.0)
      aws-eventstream (~> 1, >= 1.0.2)
    concurrent-ruby (1.2.2)
    connection_pool (2.4.1)
    countries (4.0.1)
      i18n_data (~> 0.13.0)
      sixarm_ruby_unaccent (~> 1.1)
    crack (0.4.5)
      rexml
    diff-lcs (1.5.0)
    dotenv (2.8.1)
    dry-core (1.0.1)
      concurrent-ruby (~> 1.0)
      zeitwerk (~> 2.6)
    dry-inflector (1.0.0)
    dry-logic (1.5.0)
      concurrent-ruby (~> 1.0)
      dry-core (~> 1.0, < 2)
      zeitwerk (~> 2.6)
    dry-struct (1.6.0)
      dry-core (~> 1.0, < 2)
      dry-types (>= 1.7, < 2)
      ice_nine (~> 0.11)
      zeitwerk (~> 2.6)
    dry-types (1.7.1)
      concurrent-ruby (~> 1.0)
      dry-core (~> 1.0)
      dry-inflector (~> 1.0)
      dry-logic (~> 1.4)
      zeitwerk (~> 2.6)
    elasticsearch (7.17.8)
      elasticsearch-api (= 7.17.8)
      elasticsearch-transport (= 7.17.8)
    elasticsearch-api (7.17.8)
      multi_json
    elasticsearch-transport (7.17.8)
      faraday (~> 1)
      multi_json
    faraday (1.10.3)
      faraday-em_http (~> 1.0)
      faraday-em_synchrony (~> 1.0)
      faraday-excon (~> 1.1)
      faraday-httpclient (~> 1.0)
      faraday-multipart (~> 1.0)
      faraday-net_http (~> 1.0)
      faraday-net_http_persistent (~> 1.0)
      faraday-patron (~> 1.0)
      faraday-rack (~> 1.0)
      faraday-retry (~> 1.0)
      ruby2_keywords (>= 0.0.4)
    faraday-em_http (1.0.0)
    faraday-em_synchrony (1.0.0)
    faraday-excon (1.1.0)
    faraday-httpclient (1.0.1)
    faraday-multipart (1.0.4)
      multipart-post (~> 2)
    faraday-net_http (1.0.1)
    faraday-net_http_persistent (1.2.0)
    faraday-patron (1.0.0)
    faraday-rack (1.0.0)
    faraday-retry (1.0.3)
    faraday_middleware (1.2.0)
      faraday (~> 1.0)
    geokit (1.14.0)
    hashdiff (1.0.1)
    i18n (1.14.1)
      concurrent-ruby (~> 1.0)
    i18n_data (0.13.1)
    ice_nine (0.11.2)
    iso8601 (0.13.0)
    jmespath (1.6.2)
    json (2.6.3)
    minitest (5.20.0)
    multi_json (1.15.0)
    multipart-post (2.3.0)
    net-http-persistent (4.0.2)
      connection_pool (~> 2.2)
    nokogiri (1.15.4-x86_64-linux)
      racc (~> 1.4)
    parallel (1.23.0)
    parser (3.2.2.1)
      ast (~> 2.4.1)
    public_suffix (5.0.1)
    racc (1.7.1)
    rainbow (3.1.1)
    redis (5.0.7)
      redis-client (>= 0.9.0)
    redis-client (0.15.0)
      connection_pool
    regexp_parser (2.8.0)
    rexml (3.2.6)
    rspec (3.12.0)
      rspec-core (~> 3.12.0)
      rspec-expectations (~> 3.12.0)
      rspec-mocks (~> 3.12.0)
    rspec-core (3.12.2)
      rspec-support (~> 3.12.0)
    rspec-expectations (3.12.3)
      diff-lcs (>= 1.2.0, < 2.0)
      rspec-support (~> 3.12.0)
    rspec-mocks (3.12.5)
      diff-lcs (>= 1.2.0, < 2.0)
      rspec-support (~> 3.12.0)
    rspec-support (3.12.0)
    rubocop (1.51.0)
      json (~> 2.3)
      parallel (~> 1.10)
      parser (>= 3.2.0.0)
      rainbow (>= 2.2.2, < 4.0)
      regexp_parser (>= 1.8, < 3.0)
      rexml (>= 3.2.5, < 4.0)
      rubocop-ast (>= 1.28.0, < 2.0)
      ruby-progressbar (~> 1.7)
      unicode-display_width (>= 2.4.0, < 3.0)
    rubocop-ast (1.28.1)
      parser (>= 3.2.1.0)
    rubocop-capybara (2.18.0)
      rubocop (~> 1.41)
    rubocop-factory_bot (2.23.1)
      rubocop (~> 1.33)
    rubocop-rspec (2.22.0)
      rubocop (~> 1.33)
      rubocop-capybara (~> 2.17)
      rubocop-factory_bot (~> 2.22)
    ruby-progressbar (1.13.0)
    ruby2_keywords (0.0.5)
    rubyzip (2.3.2)
    sixarm_ruby_unaccent (1.2.2)
    tzinfo (2.0.6)
      concurrent-ruby (~> 1.0)
    unicode-display_width (2.4.2)
    webmock (3.18.1)
      addressable (>= 2.8.0)
      crack (>= 0.3.2)
      hashdiff (>= 0.4.0, < 2.0.0)
    xxhash (0.5.0)
    zeitwerk (2.6.11)

PLATFORMS
  x86_64-linux

DEPENDENCIES
  register_common!
  register_sources_bods!
  register_sources_oc!
  register_sources_psc!
  register_transformer_psc!
  rspec (~> 3.0)
  rubocop
  rubocop-rspec
  webmock

RUBY VERSION
   ruby 3.1.2p20

BUNDLED WITH
   2.3.15
